{
	"Modality": "MR",
	"MagneticFieldStrength": 3,
	"ImagingFrequency": 123.211,
	"Manufacturer": "Siemens",
	"ManufacturersModelName": "Prisma_fit",
	"InstitutionName": "Robarts_Research_Institute",
	"InstitutionalDepartmentName": "CFMM",
	"InstitutionAddress": "Perth_Drive_100_London_Ontario_CA_N6A_5K8",
	"DeviceSerialNumber": "67007",
	"StationName": "MRC35368",
	"BodyPartExamined": "BRAIN",
	"PatientPosition": "HFS",
	"ProcedureStepDescription": "Ansari_ITG",
	"SoftwareVersions": "syngo_MR_E11",
	"MRAcquisitionType": "2D",
	"SeriesDescription": "ep_bold_mb4_nfa_2.5iso",
	"ProtocolName": "ep_bold_mb4_nfa_2.5iso",
	"ScanningSequence": "EP",
	"SequenceVariant": "SK_SS",
	"ScanOptions": "PFP_FS",
	"SequenceName": "epfid2d1_84",
	"ImageType": ["ORIGINAL", "PRIMARY", "M", "MB", "ND", "NORM", "MOSAIC"],
	"SeriesNumber": 2,
	"AcquisitionTime": "10:43:36.202500",
	"AcquisitionNumber": 1,
	"ImageComments": "Unaliased_MB4_PE3",
	"SliceThickness": 2.5,
	"SpacingBetweenSlices": 2.5,
	"SAR": 0.0528301,
	"EchoTime": 0.03,
	"RepetitionTime": 1,
	"FlipAngle": 40,
	"PartialFourier": 0.875,
	"BaseResolution": 84,
	"ShimSetting": [
		5237,
		-6293,
		-3926,
		379,
		72,
		118,
		70,
		30	],
	"TxRefAmp": 238.715,
	"PhaseResolution": 1,
	"ReceiveCoilName": "Head_32",
	"ReceiveCoilActiveElements": "HEA;HEP",
	"PulseSequenceDetails": "%CustomerSeq%_cmrr_mbep2d_bold",
	"WipMemBlock": "119efa05-9109-43b7-a110-52e927c2c8bd||Sequence: ve11b/master r/50434d5; Mar  3 2017 10:46:13 by eja",
	"ConsistencyInfo": "N4_VE11B_LATEST_20150530",
	"MultibandAccelerationFactor": 4,
	"PercentPhaseFOV": 100,
	"EchoTrainLength": 74,
	"PhaseEncodingSteps": 74,
	"AcquisitionMatrixPE": 84,
	"ReconMatrixPE": 84,
	"BandwidthPerPixelPhaseEncode": 15.664,
	"EffectiveEchoSpacing": 0.000760008,
	"DerivedVendorReportedEchoSpacing": 0.000760008,
	"TotalReadoutTime": 0.0630806,
	"PixelBandwidth": 1565,
	"DwellTime": 3.8e-06,
	"PhaseEncodingDirection": "j-",
	"SliceTiming": [
		0,
		0.4075,
		0.815,
		0.245,
		0.6525,
		0.08,
		0.49,
		0.8975,
		0.325,
		0.735,
		0.1625,
		0.57,
		0,
		0.4075,
		0.815,
		0.245,
		0.6525,
		0.08,
		0.49,
		0.8975,
		0.325,
		0.735,
		0.1625,
		0.57,
		0,
		0.4075,
		0.815,
		0.245,
		0.6525,
		0.08,
		0.49,
		0.8975,
		0.325,
		0.735,
		0.1625,
		0.57,
		0,
		0.4075,
		0.815,
		0.245,
		0.6525,
		0.08,
		0.49,
		0.8975,
		0.325,
		0.735,
		0.1625,
		0.57	],
	"ImageOrientationPatientDICOM": [
		0.999783,
		0.00228469,
		0.0206902,
		3.22249e-08,
		0.993958,
		-0.109758	],
	"InPlanePhaseEncodingDirectionDICOM": "COL",
	"ConversionSoftware": "dcm2niix",
	"ConversionSoftwareVersion": "v1.0.20181114  Clang4.0.1"
}
